GEM
  remote: https://rubygems.org/
  specs:
    archive-zip (0.12.0)
      io-like (~> 0.3.0)
    ast (2.4.2)
    coderay (1.1.3)
    io-like (0.3.1)
    json (2.6.3)
    method_source (1.0.0)
    multi_json (1.15.0)
    mustermann (2.0.2)
      ruby2_keywords (~> 0.0.1)
    nio4r (2.5.8)
    parallel (1.22.1)
    parser (3.1.3.0)
      ast (~> 2.4.1)
    pry (0.14.1)
      coderay (~> 1.1)
      method_source (~> 1.0)
    puma (5.6.5)
      nio4r (~> 2.0)
    rack (2.2.4)
    rack-protection (2.2.4)
      rack
    rainbow (3.1.1)
    regexp_parser (2.6.1)
    rexml (3.2.5)
    rubocop (1.41.1)
      json (~> 2.3)
      parallel (~> 1.10)
      parser (>= 3.1.2.1)
      rainbow (>= 2.2.2, < 4.0)
      regexp_parser (>= 1.8, < 3.0)
      rexml (>= 3.2.5, < 4.0)
      rubocop-ast (>= 1.23.0, < 2.0)
      ruby-progressbar (~> 1.7)
      unicode-display_width (>= 1.4.0, < 3.0)
    rubocop-ast (1.24.0)
      parser (>= 3.1.1.0)
    rubocop-sequel (0.3.4)
      rubocop (~> 1.0)
    ruby-progressbar (1.11.0)
    ruby2_keywords (0.0.5)
    sequel (5.63.0)
    sinatra (2.2.4)
      mustermann (~> 2.0)
      rack (~> 2.2)
      rack-protection (= 2.2.4)
      tilt (~> 2.0)
    sinatra-contrib (2.2.4)
      multi_json
      mustermann (~> 2.0)
      rack-protection (= 2.2.4)
      sinatra (= 2.2.4)
      tilt (~> 2.0)
    sqlite3 (1.5.4-arm-linux)
    sqlite3 (1.5.4-x86_64-linux)
    tilt (2.0.11)
    unicode-display_width (2.3.0)

PLATFORMS
  arm-linux-eabihf
  armv7l-linux-eabihf
  x86_64-linux

DEPENDENCIES
  archive-zip (~> 0.12.0)
  pry (~> 0.14.1)
  puma (~> 5.5)
  rubocop (~> 1.25)
  rubocop-sequel (~> 0.3.3)
  sequel (~> 5.52)
  sinatra (~> 2.1)
  sinatra-contrib (~> 2.1)
  sqlite3 (~> 1.4)

RUBY VERSION
   ruby 3.3.0p0

BUNDLED WITH
   2.3.26
